GEM
  remote: https://rubygems.org/
  specs:
    activesupport (6.1.3)
      concurrent-ruby (~> 1.0, >= 1.0.2)
      i18n (>= 1.6, < 2)
      minitest (>= 5.1)
      tzinfo (~> 2.0)
      zeitwerk (~> 2.3)
    childprocess (4.0.0)
    cli-ui (1.4.0)
    coderay (1.1.3)
    color (1.8)
    coltrane (4.1.1)
      activesupport (> 5.2)
      color (~> 1.8)
      dry-monads (~> 0.4)
      gambiarra (~> 0)
      paint (~> 2.0)
    concurrent-ruby (1.1.8)
    dry-core (0.5.0)
      concurrent-ruby (~> 1.0)
    dry-equalizer (0.3.0)
    dry-monads (0.4.0)
      dry-core (~> 0.3, >= 0.3.3)
      dry-equalizer
    ffi (1.15.0)
    gambiarra (0.0.5)
      activesupport (> 5.2)
      cli-ui (~> 1.1)
      thor (~> 1.1.0)
    highline (2.0.3)
    i18n (1.8.9)
      concurrent-ruby (~> 1.0)
    method_source (1.0.0)
    minitest (5.14.4)
    osc-ruby (1.1.4)
    paint (2.2.1)
    pastel (0.8.0)
      tty-color (~> 0.5)
    pry (0.14.0)
      coderay (~> 1.1)
      method_source (~> 1.0)
    pry-doc (1.1.0)
      pry (~> 0.11)
      yard (~> 0.9.11)
    thor (1.1.0)
    tty-color (0.6.0)
    tty-command (0.10.1)
      pastel (~> 0.8)
    tty-cursor (0.7.1)
    tty-prompt (0.23.0)
      pastel (~> 0.8)
      tty-reader (~> 0.8)
    tty-reader (0.9.0)
      tty-cursor (~> 0.7)
      tty-screen (~> 0.8)
      wisper (~> 2.0)
    tty-screen (0.8.1)
    tzinfo (2.0.4)
      concurrent-ruby (~> 1.0)
    wisper (2.0.1)
    yard (0.9.26)
    zeitwerk (2.4.2)

PLATFORMS
  ruby
  x86_64-linux

DEPENDENCIES
  childprocess
  coltrane
  ffi
  highline
  osc-ruby
  pry
  pry-doc
  tty-command
  tty-prompt

BUNDLED WITH
   2.2.5
