GEM
  remote: https://rubygems.org/
  specs:
    activesupport (6.1.3.2)
      concurrent-ruby (~> 1.0, >= 1.0.2)
      i18n (>= 1.6, < 2)
      minitest (>= 5.1)
      tzinfo (~> 2.0)
      zeitwerk (~> 2.3)
    ast (2.4.2)
    awesome_print (1.9.2)
    backport (1.1.2)
    benchmark (0.1.1)
    childprocess (4.0.0)
    cli-ui (1.5.1)
    coderay (1.1.3)
    color (1.8)
    coltrane (4.1.1)
      activesupport (> 5.2)
      color (~> 1.8)
      dry-monads (~> 0.4)
      gambiarra (~> 0)
      paint (~> 2.0)
    concurrent-ruby (1.1.8)
    dry-core (0.5.0)
      concurrent-ruby (~> 1.0)
    dry-equalizer (0.3.0)
    dry-monads (0.4.0)
      dry-core (~> 0.3, >= 0.3.3)
      dry-equalizer
    e2mmap (0.1.0)
    ffi (1.15.0)
    gambiarra (0.0.5)
      activesupport (> 5.2)
      cli-ui (~> 1.1)
      thor (~> 1.1.0)
    highline (2.0.3)
    i18n (1.8.10)
      concurrent-ruby (~> 1.0)
    i3ipc (0.3.0)
    jaro_winkler (1.5.4)
    kramdown (2.3.1)
      rexml
    kramdown-parser-gfm (1.1.0)
      kramdown (~> 2.0)
    method_source (1.0.0)
    mini_portile2 (2.5.1)
    minitest (5.14.4)
    mocha (1.12.0)
    multi_json (1.15.0)
    nokogiri (1.11.3)
      mini_portile2 (~> 2.5.0)
      racc (~> 1.4)
    nokogiri (1.11.3-x86_64-linux)
      racc (~> 1.4)
    osc-ruby (1.1.4)
    paint (2.2.1)
    parallel (1.20.1)
    parser (3.0.1.1)
      ast (~> 2.4.1)
    pastel (0.8.0)
      tty-color (~> 0.5)
    pry (0.14.1)
      coderay (~> 1.1)
      method_source (~> 1.0)
    pry-doc (1.1.0)
      pry (~> 0.11)
      yard (~> 0.9.11)
    racc (1.5.2)
    rainbow (3.0.0)
    refinements (8.1.1)
    regexp_parser (2.1.1)
    reverse_markdown (2.0.0)
      nokogiri
    rexml (3.2.5)
    rouge (3.26.0)
    rubocop (1.14.0)
      parallel (~> 1.10)
      parser (>= 3.0.0.0)
      rainbow (>= 2.2.2, < 4.0)
      regexp_parser (>= 1.8, < 3.0)
      rexml
      rubocop-ast (>= 1.5.0, < 2.0)
      ruby-progressbar (~> 1.7)
      unicode-display_width (>= 1.4.0, < 3.0)
    rubocop-ast (1.5.0)
      parser (>= 3.0.1.1)
    ruby-progressbar (1.11.0)
    rugged (1.1.0)
    solargraph (0.40.4)
      backport (~> 1.1)
      benchmark
      bundler (>= 1.17.2)
      e2mmap
      jaro_winkler (~> 1.5)
      kramdown (~> 2.3)
      kramdown-parser-gfm (~> 1.1)
      parser (~> 3.0)
      reverse_markdown (>= 1.0.5, < 3)
      rubocop (>= 0.52)
      thor (~> 1.0)
      tilt (~> 2.0)
      yard (~> 0.9, >= 0.9.24)
    sys-proctable (1.2.6)
      ffi
    thor (1.1.0)
    tilt (2.0.10)
    tty-color (0.6.0)
    tty-command (0.10.1)
      pastel (~> 0.8)
    tty-cursor (0.7.1)
    tty-prompt (0.23.1)
      pastel (~> 0.8)
      tty-reader (~> 0.8)
    tty-reader (0.9.0)
      tty-cursor (~> 0.7)
      tty-screen (~> 0.8)
      wisper (~> 2.0)
    tty-screen (0.8.1)
    tzinfo (2.0.4)
      concurrent-ruby (~> 1.0)
    unicode-display_width (2.0.0)
    wisper (2.0.1)
    yard (0.9.26)
    zeitwerk (2.4.2)

PLATFORMS
  ruby
  x86_64-linux

DEPENDENCIES
  activesupport
  awesome_print
  childprocess
  coltrane
  ffi
  highline
  i18n
  i3ipc
  kramdown
  minitest
  mocha
  multi_json
  osc-ruby
  parallel
  pry
  pry-doc
  refinements
  rouge
  rugged
  solargraph
  sys-proctable
  tty-command
  tty-prompt

BUNDLED WITH
   2.2.15
