GEM
  remote: https://rubygems.org/
  specs:
    activesupport (6.1.4)
      concurrent-ruby (~> 1.0, >= 1.0.2)
      i18n (>= 1.6, < 2)
      minitest (>= 5.1)
      tzinfo (~> 2.0)
      zeitwerk (~> 2.3)
    alsa-rawmidi (0.3.2)
      ffi (~> 1.0)
    awesome_print (1.9.2)
    banjo (0.0.3)
      eventmachine (~> 1.0.3)
      unimidi (~> 0.3.3)
    cli-ui (1.5.1)
    coderay (1.1.3)
    color (1.8)
    coltrane (4.1.1)
      activesupport (> 5.2)
      color (~> 1.8)
      dry-monads (~> 0.4)
      gambiarra (~> 0)
      paint (~> 2.0)
    concurrent-ruby (1.1.9)
    dry-core (0.6.0)
      concurrent-ruby (~> 1.0)
    dry-equalizer (0.3.0)
    dry-monads (0.4.0)
      dry-core (~> 0.3, >= 0.3.3)
      dry-equalizer
    eventmachine (1.0.9.1)
    ffi (1.15.3)
    ffi-coremidi (0.4.1)
      ffi (~> 1.9, >= 1.9.6)
    gambiarra (0.0.5)
      activesupport (> 5.2)
      cli-ui (~> 1.1)
      thor (~> 1.1.0)
    highline (2.0.3)
    i18n (1.8.10)
      concurrent-ruby (~> 1.0)
    i3ipc (0.3.0)
    method_source (1.0.0)
    midi-eye (0.3.8)
      midi-message (~> 0)
      midi-nibbler (~> 0)
      unimidi (~> 0)
    midi-jruby (0.1.6)
    midi-message (0.4.9)
    midi-nibbler (0.2.4)
      midi-message (~> 0.4, >= 0.4.4)
    midi-winmm (0.1.10)
      ffi (>= 1.0)
    minitest (5.14.4)
    osc-ruby (1.1.4)
    paint (2.2.1)
    pastel (0.8.0)
      tty-color (~> 0.5)
    pry (0.14.1)
      coderay (>= 1.1)
      method_source (>= 1.0)
    pry-doc (1.1.0)
      pry (~> 0.11)
      yard (~> 0.9.11)
    refinements (8.2.0)
    thor (1.1.0)
    tty-color (0.6.0)
    tty-command (0.10.1)
      pastel (~> 0.8)
    tty-cursor (0.7.1)
    tty-option (0.1.0)
    tty-prompt (0.23.1)
      pastel (~> 0.8)
      tty-reader (~> 0.8)
    tty-reader (0.9.0)
      tty-cursor (~> 0.7)
      tty-screen (~> 0.8)
      wisper (~> 2.0)
    tty-screen (0.8.1)
    tzinfo (2.0.4)
      concurrent-ruby (~> 1.0)
    unimidi (0.3.5)
      alsa-rawmidi (~> 0)
      ffi-coremidi (~> 0)
      midi-jruby (~> 0)
      midi-winmm (~> 0)
    wisper (2.0.1)
    yard (0.9.26)
    zeitwerk (2.4.2)

PLATFORMS
  x86_64-linux

DEPENDENCIES
  awesome_print
  banjo
  coltrane
  highline
  i3ipc
  midi-eye
  osc-ruby
  pry-doc
  refinements
  tty-command
  tty-option
  tty-prompt
  unimidi

BUNDLED WITH
   2.2.19
