GEM
  remote: https://rubygems.org/
  specs:
    childprocess (4.0.0)
    coderay (1.1.3)
    ffi (1.15.0)
    highline (2.0.3)
    method_source (1.0.0)
    osc-ruby (1.1.4)
    pastel (0.8.0)
      tty-color (~> 0.5)
    pry (0.14.0)
      coderay (~> 1.1)
      method_source (~> 1.0)
    pry-doc (1.1.0)
      pry (~> 0.11)
      yard (~> 0.9.11)
    tty-color (0.6.0)
    tty-command (0.10.1)
      pastel (~> 0.8)
    tty-cursor (0.7.1)
    tty-prompt (0.23.0)
      pastel (~> 0.8)
      tty-reader (~> 0.8)
    tty-reader (0.9.0)
      tty-cursor (~> 0.7)
      tty-screen (~> 0.8)
      wisper (~> 2.0)
    tty-screen (0.8.1)
    wisper (2.0.1)
    yard (0.9.26)

PLATFORMS
  ruby
  x86_64-linux

DEPENDENCIES
  childprocess
  ffi
  highline
  osc-ruby
  pry
  pry-doc
  tty-command
  tty-prompt

BUNDLED WITH
   2.2.5
